GEM
  remote: https://rubygems.org/
  specs:
    autotest (5.0.0)
      minitest-autotest (~> 1.0)
    diff-lcs (1.3)
    minitest (5.11.3)
    minitest-autotest (1.1.0)
      minitest-server (~> 1.0)
    minitest-server (1.0.5)
      minitest (~> 5.0)
    path_expander (1.0.4)
    rspec (3.8.0)
      rspec-core (~> 3.8.0)
      rspec-expectations (~> 3.8.0)
      rspec-mocks (~> 3.8.0)
    rspec-autotest (1.0.2)
      rspec-core (>= 2.99.0.beta1, < 4.0.0)
    rspec-core (3.8.0)
      rspec-support (~> 3.8.0)
    rspec-expectations (3.8.3)
      diff-lcs (>= 1.2.0, < 2.0)
      rspec-support (~> 3.8.0)
    rspec-mocks (3.8.0)
      diff-lcs (>= 1.2.0, < 2.0)
      rspec-support (~> 3.8.0)
    rspec-support (3.8.0)

PLATFORMS
  ruby

DEPENDENCIES
  autotest
  path_expander
  rspec
  rspec-autotest

BUNDLED WITH
   2.0.1
