GEM
  remote: https://rubygems.org/
  specs:
    minitest (5.11.3)
    minitest-autotest (1.0.3)
      minitest-server (~> 1.0)
    minitest-server (1.0.5)
      minitest (~> 5.0)

PLATFORMS
  ruby

DEPENDENCIES
  minitest
  minitest-autotest

BUNDLED WITH
   2.0.1
